GEM
  remote: https://rubygems.org/
  specs:
    csv (1.0.0)
    mini_portile2 (2.3.0)
    nokogiri (1.8.1)
      mini_portile2 (~> 2.3.0)
    rake (12.3.0)
    romaji (0.2.4)
      rake (>= 0.8.0)

PLATFORMS
  ruby

DEPENDENCIES
  csv
  nokogiri
  romaji

BUNDLED WITH
   1.16.0
